fidid 2 2 8 0 0 2 1 0 1 64
1 ""
0 
dfrq2 1 1 1000000000 0 0 2 1 9 1 64
1 0 
0 
awc 1 1 1 -1 0.001 3 1 1 0 64
1 0 
0 
alfa 6 1 8190 0 0.4 2 1 2 1 64
1 10 
0 
Qmult 1 1 9.99999984307e+17 -9.99999984307e+17 0 2 1 0 1 64
1 0.5 
0 
MinSW 2 2 8 0 0 3 1 0 1 64
1 "skip"
4 "off" "auto" "manual" "skip" 
Gmap 2 2 8 0 0 2 1 1 1 64
1 "lk"
0 
Archive2 2 2 8 0 0 2 1 0 1 64
1 ""
0 
Archive1 2 2 8 0 0 2 1 0 1 64
1 ""
0 
ACQtime 7 1 100000000 0 1 2 1 256 1 64
1 64.500243 
0 
EDratio 1 1 9.99999984307e+17 -9.99999984307e+17 0 2 1 0 1 64
1 1 
0 
H1reffrq 1 1 9.99999984307e+17 -9.99999984307e+17 0 2 1 0 1 64
1 499.797399933 
0 
Gmapname 2 2 8 0 0 2 1 1 1 64
1 ""
0 
Qgain 1 1 9.99999984307e+17 -9.99999984307e+17 0 2 1 0 1 64
1 30 
0 
PFGflg 4 2 4 0 0 2 1 0 1 64
1 "y"
0 
Qins 1 1 9.99999984307e+17 -9.99999984307e+17 0 2 1 0 1 64
1 80 
0 
Qinsref 1 1 9.99999984307e+17 -9.99999984307e+17 0 2 1 0 1 64
1 7.4912e-05 
0 
adir2tmplt 2 2 8 0 0 2 1 0 1 64
1 ""
0 
acqdim 7 1 32767 0 0 2 1 0 1 64
1 1 
0 
acqcycles 1 1 9.99999984307e+17 -9.99999984307e+17 0 2 1 0 1 64
1 1 
0 
REQexp 2 2 8 0 0 4 1 256 1 64
1 ""
0 
acqstatus 7 1 32767 0 0 2 1 256 1 64
2 101 0 
0 
acqpath 2 2 8 0 0 2 1 0 1 64
1 ""
0 
actionid 2 2 8 0 0 4 1 0 1 64
1 "null"
0 
aig 2 2 2 0 0 4 1 1 1 64
1 "ai"
2 "nm" "ai" 
adirtmplt 2 2 8 0 0 2 1 0 1 64
1 "/home/vnmr1/vnmrsys/data"
0 
arraystart 7 1 32767 0 0 4 1 0 1 64
1 1 
0 
arraydelta 7 1 32767 0 0 4 1 0 1 64
1 1 
0 
ap 2 2 1023 0 0 4 1 6 1 64
1 "1:SAMPLE:date,solvent,file;1:ACQUISITION:sw:1,at:3,np:0,fb:0,bs(bs):0,ss(ss):0,d1:3,d2(d2):6,nt:0,ct:0;1:TRANSMITTER:tn,sfrq:3,tof:1,tpwr:0,pw:3,p1(p1):3;1:DECOUPLER:dn,dof:1,dm,decwave,dpwr:0,dmf:0;2:PRESATURATION:satmode,wet;2:SPECIAL:temp:1,gain:0,spin:0,hst:3,pw90:3,alfa:3;2:FLAGS:il,in,dp,hs;2:PROCESSING:lb(lb):2,sb(sb):3,sbs(sb):3,gf(gf):3,gfs(gf):3,awc(awc):3,lsfid(lsfid):0,lsfrq(lsfrq):1,phfid(phfid):1,fn:0;2:DISPLAY:sp:1,wp:1,rfl:1,rfp:1,rp:1,lp:1;2:PLOT:wc:0,sc:0,vs:0,th:0,aig*,dcg*,dmg*;"
0 
alock 2 2 8 0 0 2 1 0 1 64
1 "n"
5 "a" "n" "s" "u" "y" 
archivedir 2 2 8 0 0 2 1 0 1 64
1 "/home/vnmr1/vnmrsys/data"
0 
apptype 2 2 8 0 0 2 1 1 1 64
1 "std1D"
0 
array 2 2 256 0 0 2 1 1 1 64
1 ""
0 
arraydscale 4 2 4 0 0 4 1 0 1 64
1 "n"
0 
arraydodc 4 2 4 0 0 4 1 0 1 64
1 "n"
0 
arraydim 7 1 32768 1 1 2 1 5 1 64
1 1 
0 
arrayflip 4 2 4 0 0 4 1 0 1 64
1 "n"
0 
arrayelemts 1 1 9.99999984307e+17 -9.99999984307e+17 0 2 1 0 1 64
1 0 
0 
arraymax 7 1 32767 0 0 4 1 0 1 64
1 1 
0 
at 1 1 14 14 14 2 1 8203 1 64
1 2.9999424 
0 
arraywhitewash 4 2 4 0 0 4 1 0 1 64
1 "n"
0 
arraystop 7 1 32767 0 0 4 1 0 1 64
1 1 
0 
avwdir 2 2 8 0 0 3 1 0 1 64
1 ""
0 
datname 2 2 8 0 0 3 1 0 1 64
1 ""
0 
compshape 2 2 8 0 0 2 1 0 1 64
1 "hard"
0 
celem 1 1 9.99999984307e+17 -9.99999984307e+17 0 2 1 0 1 64
1 1 
0 
axisf 4 2 4 0 0 4 1 0 1 64
1 "s"
4 "m" "n" "s" "u" 
awc1 1 1 1 -1 0.001 3 1 1 0 64
1 0 
0 
axis 4 2 4 0 0 4 1 0 1 64
1 "p"
11 "c" "d" "1" "2" "3" "h" "k" "m" "n" "p" "u" 
bs 7 1 32767 0 1 2 1 0 1 64
1 1 
0 
bipflg 2 2 8 0 0 2 1 8 1 64
1 "nn"
0 
c13wet 4 2 4 0 0 2 1 0 1 64
1 "n"
0 
comment 2 2 8 0 0 3 1 0 1 64
1 ""
0 
cf 7 1 32767 0 1 3 1 1 0 64
1 1 
0 
composit 4 2 4 0 0 2 1 0 1 64
1 "n"
0 
crf 1 1 9.99999984307e+17 -9.99999984307e+17 0 4 1 0 1 64
1 0 
0 
cppauseflg 4 2 4 0 0 4 1 0 1 64
1 "n"
0 
console 2 2 8 0 0 2 1 0 1 64
1 "vnmrs"
0 
concentration 1 1 9.99e+17 -9.99e+17 0 2 1 0 1 64
1 0 
0 
cp 2 2 1 0 0 2 1 0 1 64
1 "y"
2 "y" "n" 
cr 1 1 1000000000 -1000000000 0 4 1 1 1 64
1 1419.95765301 
0 
cr1 1 1 1000000000 -1000000000 0 4 1 3 1 64
1 0 
0 
d1 3 1 14 14 14 2 1 8194 1 64
1 5 
0 
customflag 4 2 4 0 0 4 1 0 1 64
1 "n"
0 
ct 7 1 1000000000 0 1 2 1 6 1 64
1 8 
0 
cutoff 1 1 9.99999984307e+17 -9.99999984307e+17 0 4 1 0 0 64
1 200 
0 
dataid 2 2 8 0 0 3 1 0 1 64
1 ""
0 
d2 3 1 14 14 14 2 1 8194 1 64
1 0 
0 
date 2 2 9 0 0 2 1 1 1 64
1 "Dec  5 2014"
0 
decwave 2 2 8 0 0 2 1 0 1 64
1 "W40_AutoX8872_vev"
0 
ddrpm 2 2 8 0 0 2 1 0 1 64
1 "p"
0 
dcg 2 2 3 0 0 4 1 1 1 64
1 "cdc"
2 "dc" "cdc" 
dbwwet 1 1 9.99999984307e+17 -9.99999984307e+17 0 2 1 0 1 64
1 5000 
0 
dcrmv 4 2 9.99999984307e+17 -9.99999984307e+17 0 4 1 0 1 64
1 "n"
2 "y" "n" 
dec2wave 2 2 8 0 0 2 1 0 1 64
1 "g"
0 
ddrtc 6 1 1000 0 0.4 2 1 0 1 64
1 45.6 
0 
dec3wave 2 2 8 0 0 2 1 0 1 64
1 "g"
0 
deltaf 1 1 100 0 0 4 1 0 1 64
1 0.0955824235294 
0 
delta 1 1 5000000 0 0 4 1 1 1 64
1 245.26547163 
0 
decwavewet 2 2 8 0 0 2 1 0 1 64
1 "w"
0 
delta1 1 1 5000000 0 0 4 1 3 1 64
1 0 
0 
dfrq 5 1 1000000000 -1000000000 0 2 1 8 1 64
1 125.6860667 
0 
dpf_wc2 1 1 9.99999984307e+17 -9.99999984307e+17 0 4 1 0 1 64
1 300 
0 
dmm2 4 2 4 0 0 2 1 0 1 64
1 "c"
9 "c" "f" "g" "m" "p" "r" "u" "w" "x" 
dm 4 2 4 0 0 2 1 0 1 64
1 "nnn"
4 "a" "n" "s" "y" 
dgss 2 2 8 0 0 4 1 6 1 64
1 "1:WET:wet,wetshape,wetpwr,pwwet:3,composit,compshape,gzlvlw,gtw:6,gswet:6,dz:6;2:C13 WET:c13wet,dofwet:1,dpwrwet,dmfwet,decwavewet;4:PRESAT:satmode,satpwr,satdly:3,satfrq:1;"
0 
dg2 2 2 8 0 0 4 1 4 1 64
6 "1:1st DECOUPLING:dfrq:3,dn,dpwr:0,dof:1,dm,dmm,dmf:0,dseq,dres:1,homo;"
"2(numrfch>2):2nd DECOUPLING:dfrq2:3,dn2,dpwr2:0,dof2:1,dm2,dmm2,dmf2:0,dseq2,dres2:1,homo2;"
"2(numrfch>3):3rd DECOUPLING:dfrq3:3,dn3,dpwr3:0,dof3:1,dseq3,dres3:1,homo3;"
"3(ni2):3D ACQUISITION:d3:3,sw2:1,ni2:0,phase2:0;"
"3(ni2):3D DISPLAY:rp2:1,lp2:1;"
"4(ni2):3D PROCESSING:lb2:3,sb2:3,sbs2(sb2):3,gf2:3,gfs2(gf2):3,awc2:3,wtfile2,proc2,fn2:0;"
0 
dg 2 2 1023 0 0 4 1 6 1 64
1 "1:ACQUISITION:seqfil,sw:1,at:3,np:0,fb:0,bs(bs):0,ss(ss):0,d1:3,d2(d2):6,nt:0,ct:0;1:SAMPLE:date,solvent,sample;2:TRANSMITTER:tn,sfrq:3,tof:1,tpwr:0,pw:3,p1(p1):3;2:DECOUPLER:dn,dof:1,dm,decwave,dpwr:0,dmf:0;3:SPECIAL:temp:1,spin:0,gain:0,hst:3,pw90:3,alfa:3;3:PRESATURATION:satmode,wet;3:Details in dgss:;4:PROCESSING:cf(nf):0,lb:2,sb:3,sbs(sb):3,gf:3,gfs(gf):3,awc:3,lsfid:0,lsfrq(lsfrq):1,phfid(phfid):1,fn:0,math(math<>'f'),wtfile(wtfile<>'');4:FLAGS:il,in,dp,hs;"
0 
dg1 2 2 1023 0 0 4 1 6 1 64
1 "1:DISPLAY:sp:1,wp:1,vs:0;1:REFERENCE:rfl:1,rfp:1,cr:1,delta:1;1:PHASE:lp:1,rp:1,rp1(ni):1,lp1(ni):1;2:CHART:sc:0,wc:0,hzmm:2,vp:0,axis,pltmod,,th:0,,ho:2,vo:2,,trace:2;3(ni):2D:sp1:1,wp1:1,sc2:0,wc2:0,rfl1:1,rfp1:1;3:FLAGS:aig*,dcg*,dmg*;3:FID:sf:3,wf:3,vf:0;4:INTEGRAL:intmod,is:2,ins:3,io:0,,lvl:3,tlt:3;"
0 
dglp 2 2 8 0 0 4 1 7 1 64
1 "1(lpfilt):LP:lpalg,lpopt,lpfilt:0,lpnupts:0,strtlp:0,lpext:0,strtext:0;2(lpfilt1):LP 1:lpalg1,lpopt1,lpfilt1:0,lpnupts1:0,strtlp1:0,lpext1:0,strtext1:0;3(lpfilt2):LP 2:lpalg2,lpopt2,lpfilt2:0,lpnupts2:0,strtlp2:0,lpext2:0,strtext2:0;4:LP OUTPUT:lpprint(lpfilt):0,lptrace(lpfilt):0,lpprint1(lpfilt1):0,lptrace1(lpfilt1):0,lpprint2(lpfilt2):0,lptrace2(lpfilt2):0;"
0 
dgs 2 2 1023 0 0 4 1 6 1 64
5 "1:AXIAL SHIMS:z1:0,z2:0,z3:0,z4:0,z5:0;"
"2:NON AXIAL SHIMS:x1:0,y1:0,xz:0,yz:0,xy:0,x2y2:0,x3:0,y3:0,xz2:0,yz2:0,zxy:0,zx2y2:0,z3x:0,z3y:0,z2x2y2:0,z2xy:0;"
"3:NON AXIAL SHIMS:zx3:0,zy3:0,x4:0,y4:0;"
"4:AUTOMATION:method,wshim,load,,spin:0,gain:0,alock,loc:0;"
"4:SPECIAL:temp;"
0 
displaymode 4 2 9.99999984307e+17 -9.99999984307e+17 0 4 1 0 1 64
1 "r"
0 
dhp 1 1 9 9 9 2 1 8192 0 64
1 40 
0 
dgssm 2 2 8 0 0 4 1 6 1 64
1 "1:WET:wet,gzlvlw,gtw:6,gswet:6,dz:6;1:C13 WET:c13wet,dofwet:1,dpwrwet,dmfwet;2:WETshapes:wetshape1,wetshape2,wetshape3,wetshape4;3:WETpowers:wetpwr1,wetpwr2,wetpwr3,wetpwr4;3:WETpulses:pwwet1:3,pwwet2:3,pwwet3:3,pwwet4:3;4:PRESAT:satmode,satpwr,satdly:3,satfrq:1;"
0 
disCmd 2 2 8 0 0 4 1 0 1 64
1 ""
0 
dlp 7 1 10 10 10 2 1 8194 0 64
1 10 
0 
dmfwet 7 1 32767 0 0 2 1 0 1 64
1 5517 
0 
dmf 7 1 11 11 11 2 1 8194 1 64
1 32258 
0 
dm2 4 2 4 0 0 2 1 0 1 64
1 "n"
4 "a" "n" "s" "y" 
dmf2 7 1 2000000 1 0 2 1 2 1 64
1 32258 
0 
dmg1 2 2 8 0 0 4 1 0 1 64
1 ""
4 "" "av1" "ph1" "pwr1" 
dmg 2 2 2 0 0 4 1 3 1 64
1 "ph"
0 
dmm 4 2 4 0 0 2 1 0 1 64
1 "c"
9 "c" "f" "g" "m" "p" "r" "u" "w" "x" 
dnbipshp 2 2 8 0 0 2 1 0 1 64
1 "hard"
0 
dn4ref 2 2 8 0 0 4 1 1 1 64
1 ""
0 
dn2ref 2 2 8 0 0 4 1 1 1 64
1 ""
0 
dn 2 2 4 0 0 2 1 8 1 64
1 "C13"
0 
dmmwet 2 2 8 0 0 2 1 0 1 64
1 "w"
0 
dn2 2 2 8 0 0 2 1 8 1 64
1 ""
0 
dn3ref 2 2 8 0 0 4 1 1 1 64
1 ""
0 
dn2shapes 2 2 8 0 0 2 1 256 1 64
3 ""
""
""
0 
dn3shapes 2 2 8 0 0 2 1 256 1 64
3 ""
""
""
0 
dnbippwr 1 1 9 9 9 2 1 8192 1 64
1 61 
0 
dnbippw 6 1 1000000 0 0.025 2 1 0 1 64
1 30.2 
0 
dof2 5 1 16 16 16 2 1 8202 1 64
1 0 
0 
dod 3 1 14 14 14 2 1 8194 1 64
1 0.00999999977648 
0 
dnshapes 2 2 8 0 0 2 1 256 1 64
3 ""
""
""
0 
dnref 2 2 8 0 0 4 1 1 1 64
1 "Me4Si, 1% in CDCl3"
0 
dof 5 1 8 8 8 2 1 8202 1 64
1 0 
0 
doscout 7 1 10 -10 1 2 1 0 1 64
1 0 
0 
dopwCal 2 2 8 0 0 2 1 256 1 64
3 "n"
"4.0"
"1.0"
0 
dofwet 5 1 1000000000 -1000000000 0 2 1 0 1 64
1 0 
0 
dp 2 2 1 0 0 2 1 0 1 64
1 "y"
2 "y" "n" 
dotflag 2 2 8 0 0 4 1 0 1 64
1 "n"
2 "n" "y" 
dpatwet 2 2 8 0 0 2 1 0 1 64
1 "waltz16"
0 
dss_wc 1 1 9.99999984307e+17 -9.99999984307e+17 0 4 1 0 1 64
1 271 
0 
dreswet 1 1 9.99999984307e+17 -9.99999984307e+17 0 2 1 0 1 64
1 90 
0 
dreffrq 1 1 9.99999984307e+17 -9.99999984307e+17 0 2 1 0 1 64
1 125.674156173 
0 
dpwr2 1 1 18 18 18 2 1 8194 1 64
1 1 
0 
dpwr 1 1 9 9 9 2 1 8194 1 64
1 45 
0 
dpwrwet 1 1 9.99999984307e+17 -9.99999984307e+17 0 2 1 0 1 64
1 39 
0 
dres 7 1 360 1 0 2 1 0 1 64
1 9 
0 
dreffrq2 1 1 9.99999984307e+17 -9.99999984307e+17 0 2 1 0 1 64
1 0 
0 
dres2 7 1 360 1 0 2 1 0 1 64
1 1 
0 
dseqwet 2 2 8 0 0 2 1 0 1 64
1 "waltz16"
0 
dseq 2 2 8 0 0 2 1 0 1 64
1 "W40_AutoX8872_vev"
0 
dsSelect 7 1 32767 0 0 4 1 0 1 64
1 1 
0 
dseq2 2 2 8 0 0 2 1 0 1 64
1 ""
0 
dss_sc2 1 1 9.99999984307e+17 -9.99999984307e+17 0 4 1 0 1 64
1 0 
0 
dss_sc 1 1 9.99999984307e+17 -9.99999984307e+17 0 4 1 0 1 64
1 0 
0 
explist 2 2 8 0 0 2 1 256 1 64
1 "PROTON_001"
0 
emailaddr 2 2 8 0 0 4 1 0 1 64
1 ""
0 
dutyc 1 1 9.99999984307e+17 -9.99999984307e+17 0 2 1 0 1 64
1 0.1 
0 
dss_wc2 1 1 9.99999984307e+17 -9.99999984307e+17 0 4 1 0 1 64
1 172 
0 
dz 3 1 14 14 14 2 1 8192 1 64
1 1e-05 
0 
emessage 4 2 4 0 0 2 1 0 1 64
1 "n"
0 
emailwhen 2 2 8 0 0 2 1 0 1 64
1 ""
0 
explabel 2 2 8 0 0 2 1 0 1 64
1 "PROTON"
0 
faculty 2 2 8 0 0 2 1 0 1 64
1 ""
0 
f1SW 2 2 8 0 0 2 1 1 1 64
1 ""
0 
exppath 2 2 8 0 0 2 1 0 1 64
1 "/home/vnmr1/vnmrsys/exp1/acqfil"
0 
f2SW 2 2 8 0 0 2 1 1 1 64
1 ""
0 
fdfdir 2 2 8 0 0 3 1 0 1 64
1 ""
0 
fb 7 1 6 6 6 2 1 8203 1 64
1 4000 
0 
fdffile 2 2 8 0 0 3 1 0 1 64
1 ""
0 
oslsfrq 1 1 9.99999984307e+17 -9.99999984307e+17 0 2 1 1 0 64
1 0 
0 
layout 2 2 8 0 0 4 1 0 1 64
1 "s2pul"
0 
gzlvl2 1 1 1000000 -1000000 1 2 1 0 1 64
1 956 
0 
gt3 3 1 14 14 14 2 1 8192 1 64
1 0.001 
0 
gf 1 1 100000 0 0 3 1 1 0 64
1 0.10000000149 
0 
fn1 7 1 524288 64 -2 3 1 1 1 64
1 1024 
0 
filter 7 1 1000000000 0 1 2 1 2 1 64
1 54.0999984741 
0 
file 2 2 6 0 0 2 1 3 1 64
1 "exp"
0 
fidscanmode 4 2 9.99999984307e+17 -9.99999984307e+17 0 4 1 0 1 64
1 "rs"
0 
fn 7 1 524288 64 -2 3 1 1 1 64
1 524288 
0 
filtfile 2 2 8 0 0 2 1 0 1 64
1 ""
0 
fzoom 7 1 32767 0 0 4 1 0 1 64
1 0 
0 
fpmult1 1 1 1000000000 0 0 3 2 0 0 64
1 0.5 
0 
fpmult 1 1 1000000000 0 0 3 1 0 0 64
1 1 
0 
ftproc 1 1 9.99999984307e+17 -9.99999984307e+17 0 3 1 256 1 64
2 1 0 
0 
gain 1 1 60 0 2 2 1 0 1 64
1 0 
0 
go_id 2 2 8 0 0 2 1 7 1 64
1 "exp1.vnmr1.mf_1417800121_468688"
0 
gfs1 1 1 1000 -1000 0.001 3 1 1 0 64
1 0 
0 
gf1 1 1 100000 0 0 3 1 1 0 64
1 1 
0 
gfs 1 1 1000 -1000 0.001 3 1 1 0 64
1 0 
0 
gmapspin 2 2 8 0 0 2 1 0 1 64
1 "n"
2 "n" "y" 
go_Options 2 2 8 0 0 2 1 7 1 64
2 "au"
"wait"
0 
gswet 3 1 14 14 14 2 1 8192 1 64
1 0.002 
0 
gstab2 3 1 14 14 14 2 1 8192 1 64
1 0.0005 
0 
gstab 3 1 14 14 14 2 1 8192 1 64
1 0.0005 
0 
gt1 3 1 14 14 14 2 1 8192 1 64
1 0.001 
0 
gt0 3 1 14 14 14 2 1 8192 1 64
1 0.0016 
0 
gt2 3 1 14 14 14 2 1 8192 1 64
1 0.001 
0 
gtE 3 1 14 14 14 2 1 8192 1 64
1 0 
0 
gt7 3 1 14 14 14 2 1 8192 1 64
1 0.001 
0 
gt5 3 1 14 14 14 2 1 8192 1 64
1 0.001 
0 
gt4 3 1 14 14 14 2 1 8192 1 64
1 0.001 
0 
gt6 3 1 14 14 14 2 1 8192 1 64
1 0.001 
0 
gt9 3 1 14 14 14 2 1 8192 1 64
1 0.001 
0 
gt8 3 1 14 14 14 2 1 8192 1 64
1 0.001 
0 
gtD 3 1 14 14 14 2 1 8192 1 64
1 0 
0 
gzlvl0 1 1 1000000 -1000000 1 2 1 0 1 64
1 4780 
0 
gxppars 2 2 8 0 0 2 1 0 1 64
1 ""
0 
gtw 3 1 14 14 14 2 1 8192 1 64
1 0.002 
0 
gzlvl1 1 1 1000000 -1000000 1 2 1 0 1 64
1 478 
0 
hdseq 2 2 8 0 0 2 1 0 1 64
1 ""
0 
hdmf 1 1 9.99999984307e+17 -9.99999984307e+17 0 2 1 0 1 64
1 600 
0 
gzlvl8 1 1 1000000 -1000000 1 2 1 0 1 64
1 3824 
0 
gzlvl5 1 1 1000000 -1000000 1 2 1 0 1 64
1 2390 
0 
gzlvl3 1 1 1000000 -1000000 1 2 1 0 1 64
1 1434 
0 
gzlvl4 1 1 1000000 -1000000 1 2 1 0 1 64
1 1912 
0 
gzlvl6 1 1 1000000 -1000000 1 2 1 0 1 64
1 2868 
0 
gzlvl7 1 1 1000000 -1000000 1 2 1 0 1 64
1 3346 
0 
gzlvlE 1 1 1000000 -1000000 1 2 1 0 1 64
1 0 
0 
gzlvlD 1 1 1000000 -1000000 1 2 1 0 1 64
1 0 
0 
gzlvl9 1 1 1000000 -1000000 1 2 1 0 1 64
1 4302 
0 
hdfrqc 5 1 1000000000 -1000000000 0 2 1 256 0 64
1 0 
0 
gzlvlw 1 1 9.99999984307e+17 -9.99999984307e+17 0 2 1 0 1 64
1 14354 
0 
hdfrqw 1 1 9.99999984307e+17 -9.99999984307e+17 0 2 1 256 0 64
1 10 
0 
hdpwrf 1 1 4095 0 0 2 1 0 1 64
1 4095 
0 
hdpsmode 4 2 4 0 0 2 1 0 1 64
1 "n"
0 
hdof 5 1 7 7 7 2 1 8194 1 64
1 0 
0 
hdpwr 7 1 49 -16 1 2 1 2 1 64
1 1 
0 
hdres 1 1 9.99999984307e+17 -9.99999984307e+17 0 2 1 0 1 64
1 9 
0 
il 2 2 1 0 0 2 1 0 1 64
1 "n"
2 "y" "n" 
hsgt 3 1 14 14 14 2 1 8192 1 64
1 0.002 
0 
homo2 4 2 4 0 0 2 1 0 1 64
1 "n"
2 "n" "y" 
ho 1 1 500 -500 0 4 1 1 1 64
1 -50.2678565979 
0 
hdwave 2 2 8 0 0 2 1 0 1 64
1 "SEDUCE1"
0 
homo 2 2 8 0 0 2 1 8 1 64
1 "n"
2 "n" "y" 
hsglvl 1 1 1000000 -1000000 1 2 1 0 1 64
1 5736 
0 
hs 4 2 4 0 0 2 1 0 1 64
1 "nn"
2 "n" "y" 
hzmm 1 1 1000000000 -1000000000 0 4 1 11 1 64
1 6.0947991013 
0 
hst 3 1 0.02 0 2.5e-08 2 1 2 1 64
1 0.00800000037998 
0 
ident 2 2 8 0 0 3 1 0 1 64
1 ""
0 
intmod 2 2 8 0 0 4 1 0 1 64
1 "off"
3 "off" "partial" "full" 
ins2ref 1 1 9.99999984307e+17 -9.99999984307e+17 0 4 1 0 1 64
1 1 
0 
ins 3 1 8190 0 1e-07 4 1 3 1 64
1 3 
0 
in 4 2 1 0 0 2 1 0 1 64
1 "n"
3 "n" "w" "y" 
ins2 1 1 9.99999984307e+17 -9.99999984307e+17 0 4 1 0 1 64
1 1 
0 
insref 1 1 9.99999984307e+17 -9.99999984307e+17 0 4 1 0 1 64
1 0.000875021447428 
0 
invgcal 1 1 1000000 -1000000 1 2 1 0 1 64
1 478 
0 
intstd 2 2 8 0 0 2 1 0 1 64
1 ""
0 
investigator 2 2 8 0 0 4 1 0 1 64
1 ""
0 
is 1 1 1000000000 1e-06 0 4 1 3 1 64
1 40796.7728605 
0 
io 1 1 500 -500 0.1 4 1 1 1 64
1 10 
0 
iswt 1 1 9.99999984307e+17 -9.99999984307e+17 0 2 1 0 1 64
1 0 
0 
lpprint1 7 1 63 0 1 3 1 0 1 64
1 0 
0 
longlist 2 2 8 0 0 2 1 0 1 64
1 ""
0 
lllabel 2 2 8 0 0 3 1 0 1 64
1 ""
0 
liamp 1 1 1000000000 0 0 4 1 0 0 64
59 -0.00627960095329 -0.0135175217874 -0.00375027023256 -0.0114833991975 -0.000432670116425 -0.0104298777878 -5.65499067307e-06 -0.00850417837501 -2.23517417908e-07 -0.0123149007559 -0.00289770960808 -0.00769929587841 -0.00152689218521 -0.0100041329861 0 -0.00722187012434 -0.0010959059 -0.000102914869785 -8.04662704468e-07 -0.000654138624668 0 0.0019303560257 0 0.0044804662466 0 0.00487381964922 0 0.00942488759756 0.00191730260849 0.00827225297689 0.00522301346064 0.0101124197245 1.90734863281e-06 0.00881031900644 -2.9169023037e-06 0.0249932445586 0 0.0276398938149 0.0120560396463 6.87927351147 0 6.06863117218 0 12.0480117798 5.72204589844e-06 0.0184993743896 -1.90734863281e-06 0.0240020751953 0.00813484191895 0.00629425048828 0 0.00592231750488 0.00118446350098 0.0123310089111 5.72204589844e-06 0.00151252746582 1.90734863281e-06 -0.000524520874023 -0.00288581848145 
0 
lb1 1 1 100000 -100000 0 3 1 1 1 64
1 0.318309992552 
0 
lb 1 1 100000 -100000 0 3 1 1 0 64
1 1.5 
0 
lcpeak_ 7 1 32767 0 0 2 1 32768 1 64
1 0 
0 
llamp 1 1 1000000000 0 0 4 1 0 0 64
27 0.00510546285659 0.00684770476073 0.00668030511588 0.00612306827679 0.00538295321167 0.0053418003954 0.00355540541932 0.00810333807021 0.00385628337972 0.0053800214082 0.0101220617071 0.00442300271243 0.00515775289387 0.00586046651006 0.00383773259819 0.00445845862851 0.00560311367735 0.00497167743742 0.00459922337905 0.00620061159134 0.00524305226281 0.00454640109092 0.00500164460391 0.00823615677655 0.01025188528 0.010087210685 0.00602557649836 
0 
lifrq 1 1 1000000000 -1000000000 0 4 1 0 1 64
59 7909.07746868 7733.25837914 7683.03745352 7507.03496438 7500.09634593 7344.26781351 7344.2372469 7207.94077259 7207.91020599 6969.30731778 6909.79414543 6734.00562249 6701.05482651 6406.05655926 6406.05655926 6037.88184898 5962.47404406 5813.58413009 5813.55356349 5548.26603252 5548.26603252 5425.08263008 5425.08263008 5215.54857952 5215.54857952 5048.41040469 5048.41040469 4807.11765559 4771.47699871 4594.40467852 4491.82316522 4327.28315148 4327.25258488 4191.29234318 4191.26177658 3897.975239 3897.975239 3681.44143679 3614.68397998 2867.51398263 2867.51398263 2357.26571043 2357.26571043 1801.19810317 1801.16753657 1691.86137102 1691.83080442 1400.62279572 1244.12179808 1099.17497565 1099.14440905 900.369802076 852.196838738 411.181918031 411.15135143 283.138426013 283.107859412 81.9490575559 0 
0 
llfrq 1 1 1000000000 -1000000000 0 4 1 0 0 64
27 3036.10777244 3029.81107663 3027.48802381 3020.94679612 2683.73733912 2679.15236644 2676.79874714 2672.18320798 2665.15291654 2645.28470162 2638.07101127 2633.54717157 2631.01015335 2626.42518068 2150.56614998 2144.17775472 2137.78935946 2129.26131028 2012.80300434 2005.34478212 1998.80355444 1992.23176027 1985.17090235 1978.35457631 1971.87448159 1966.83101165 1959.58675482 
0 
lockfreq_ 5 1 160 0 1e-07 2 1 9 1 64
1 76.7223 
0 
loc_ 7 1 12 12 12 2 1 8201 1 64
1 0 
0 
load 2 2 4 0 0 2 1 3 1 64
1 "n"
2 "y" "n" 
locdir 2 2 8 0 0 2 1 0 1 64
1 ""
0 
lockphase_ 1 1 360 0 1 2 1 65552 1 64
1 170 
0 
lockgain_ 1 1 48 0 1 2 1 65552 1 64
1 32 
0 
lockpower_ 1 1 68 0 1 2 1 65552 1 64
1 28 
0 
lpext1 7 1 1000000 0 1 3 1 0 1 64
1 1 
0 
lp1 1 1 3600 -3600 0.1 4 1 3 1 64
1 0 
0 
lp 1 1 3600 -3600 0.1 4 1 3 1 64
1 0 
0 
lot 2 2 8 0 0 2 1 0 1 64
1 ""
0 
lpalg1 2 2 8 0 0 3 1 0 1 64
1 "lpfft"
0 
lpalg 2 2 8 0 0 3 1 0 1 64
1 "lpfft"
0 
lpext 7 1 1000000 0 1 3 1 0 1 64
1 1 
0 
lpnupts1 7 1 1000000 1 1 3 1 0 1 64
1 64 
0 
lpfilt1 7 1 32767 1 1 3 1 0 1 64
1 32 
0 
lpfilt 7 1 32767 1 1 3 1 0 1 64
1 32 
0 
lpnupts 7 1 1000000 1 1 3 1 0 1 64
1 64 
0 
lpopt1 2 2 8 0 0 3 1 0 1 64
1 "b"
0 
lpopt 2 2 8 0 0 3 1 0 1 64
1 "b"
0 
lpprint 7 1 63 0 1 3 1 0 1 64
1 0 
0 
modules 2 2 8 0 0 2 1 1 1 64
1 "presat wet gradient quant"
0 
marker1 2 2 8 0 0 2 1 0 1 64
1 ""
0 
lsfrq 1 1 9.99999984307e+17 -9.99999984307e+17 0 3 1 0 0 64
1 0 
0 
lptrace1 7 1 32767 0 1 3 1 0 1 64
1 0 
0 
lptrace 7 1 32767 0 1 3 1 0 1 64
1 0 
0 
lsfid 7 1 64000 -64000 1 3 1 0 0 64
1 0 
0 
lvl 1 1 1000000000 -1000000000 0 4 1 1 1 64
1 0 
0 
lsfrq1 1 1 9.99999984307e+17 -9.99999984307e+17 0 3 1 0 0 64
1 0 
0 
macro 2 2 6 0 0 4 1 3 1 64
1 ""
0 
math 2 2 1 0 0 3 1 3 1 64
1 "f"
3 "d" "f" "i" 
markerfrq1 1 1 9.99999984307e+17 -9.99999984307e+17 0 2 1 0 1 64
1 0 
0 
marker2 2 2 8 0 0 2 1 0 1 64
1 ""
0 
markerfrq2 1 1 9.99999984307e+17 -9.99999984307e+17 0 2 1 0 1 64
1 0 
0 
mfslp 4 2 4 0 0 2 1 0 1 64
1 "n"
0 
method 2 2 6 0 0 2 1 3 1 64
1 "/vnmr/shimmethods/z1z2"
0 
np 7 1 524288 32 2 2 1 11 1 64
1 48076 
0 
name 2 2 8 0 0 3 1 0 1 64
1 ""
0 
n2 2 2 6 0 0 4 1 3 1 64
1 ""
0 
n1 2 2 6 0 0 4 1 3 1 64
1 "d1 dm nt obsSW werr wbs "
0 
n3 2 2 6 0 0 4 1 3 1 64
1 "H1 2"
0 
newmodules 2 2 8 0 0 2 1 1 1 64
1 ""
0 
nameprefix 2 2 8 0 0 2 1 9 1 64
1 "vnmr1"
0 
notebook 2 2 8 0 0 2 1 0 1 64
1 ""
0 
oscoef 7 1 49999 3 2 2 1 1 0 64
1 31 
0 
obsSW 2 2 8 0 0 2 1 1 1 64
1 "setsw(14,-2)"
0 
nt 7 1 1000000000 1 1 2 1 2 1 64
1 8 
0 
operator_ 2 2 128 0 0 2 1 32772 1 64
1 "vnmr1"
0 
osfilt 2 2 8 0 0 2 1 0 1 64
1 ""
5 "a" "A" "b" "B" "" 
osfb 1 1 100000 0 0 2 1 1 0 64
1 0 
0 
slpsat 4 2 4 0 0 2 1 0 1 64
1 "n"
0 
rfl1 1 1 1000000000 -1000000000 0 4 1 1 1 64
1 0 
0 
pw90 6 1 13 13 13 2 1 8194 1 64
1 17.8 
0 
prcopt 4 2 4 0 0 2 1 0 1 64
1 "y"
0 
parversion 1 1 9.99999984307e+17 -9.99999984307e+17 0 2 1 4 1 64
1 5.1 
0 
page 2 2 8 0 0 2 1 0 1 64
1 ""
0 
p11console 2 2 8 0 0 2 1 0 1 64
1 ""
0 
p1 6 1 13 13 13 2 1 8194 1 64
1 0 
0 
oversamp 7 1 68 0 1 2 1 9 1 64
1 1 
0 
pad 3 1 14 14 14 2 1 8194 1 64
1 0.5 
0 
parstyle_ 2 2 8 0 0 4 1 0 1 64
1 "ppa"
0 
paramChanged 1 1 9.99999984307e+17 -9.99999984307e+17 0 2 1 0 1 64
1 0 
0 
parlabel 2 2 8 0 0 2 1 5 1 64
1 "PROTON"
0 
parver 2 2 8 0 0 2 1 0 1 64
1 "VnmrJ VERSION 4.0 REVISION A"
0 
position1 2 2 8 0 0 3 1 0 1 64
1 ""
0 
plocklist 2 2 8 0 0 2 1 1 1 64
1 ""
0 
phfid1 1 1 3600 -3600 0.1 3 1 0 0 64
1 0 
0 
phfid 1 1 3600 -3600 0.1 3 1 0 0 64
1 0 
0 
pkpick_ 2 2 8 0 0 4 1 0 1 64
1 ""
0 
pltopt 4 2 4 0 0 2 1 0 1 64
1 "y"
0 
pltmod 2 2 8 0 0 4 1 0 1 64
1 "fixed"
5 "off" "fixed" "full" "variable" "user" 
pmode 2 2 8 0 0 3 1 0 1 64
1 "partial"
0 
pplvl 1 1 63 -16 1 2 1 0 1 64
1 55 
0 
pp 6 1 13 13 13 2 1 8192 1 64
1 15 
0 
position2 2 2 8 0 0 3 1 0 1 64
1 ""
0 
pplvl_cf 1 1 9.99999984307e+17 -9.99999984307e+17 0 2 1 0 1 64
1 1 
0 
probe_ 2 2 8 0 0 2 1 8 1 64
1 "AutoX8872_vev"
0 
prgd2 3 1 14 14 14 2 1 8192 1 64
1 0.0002 
0 
presatinit 4 2 4 0 0 2 1 0 1 64
1 "n"
0 
preacq 6 1 13 13 13 2 1 8192 0 64
1 0 
0 
presatgh2 1 1 9.99999984307e+17 -9.99999984307e+17 0 2 1 0 1 64
1 10 
0 
prgcycle 7 1 32767 0 0 2 1 8 1 64
1 2 
0 
prescan 2 2 8 0 0 3 1 256 1 64
11 "Not done"
"Not done"
"off"
"off"
"off"
"off"
"off"
"on"
"on"
""
""
0 
prgd1 3 1 14 14 14 2 1 8192 1 64
1 0.0002 
0 
prggzlvl 1 1 1000000 -1000000 1 2 1 0 1 64
1 18660 
0 
prggstab 3 1 14 14 14 2 1 8192 1 64
1 0.0005 
0 
prgflg 4 2 4 0 0 2 1 8 1 64
1 "n"
0 
prggt 3 1 14 14 14 2 1 8192 1 64
1 0.001 
0 
priority 7 1 32768 0 1 2 1 0 1 64
1 5 
0 
prgpw 6 1 13 13 13 2 1 8192 1 64
1 12.1 
0 
psatsolv 2 2 8 0 0 2 1 0 1 64
1 "D2O"
0 
proccmd 2 2 8 0 0 3 1 7 1 64
1 "wft"
0 
proc 2 2 10 0 0 3 1 1 1 64
1 "ft"
0 
probetype_ 2 2 8 0 0 2 1 1 1 64
1 "liquids"
0 
proc1 2 2 10 0 0 3 2 1 1 64
1 "ft"
0 
processid 1 1 9.99999984307e+17 -9.99999984307e+17 0 3 1 0 1 64
1 0 
0 
procdim 7 1 32767 0 0 3 1 0 1 64
1 1 
0 
protocols 2 2 8 0 0 3 1 0 1 64
1 ""
0 
pstof 5 1 1000000000 -1000000000 0 2 1 264 1 64
1 0 
0 
psppm 2 2 8 0 0 2 1 1 1 64
1 ""
0 
pslabel 2 2 8 0 0 2 1 11 1 64
1 "PROTON"
0 
pw 6 1 13 13 13 2 1 8194 1 64
1 17.8 
0 
r5 1 1 1e+18 -1e+18 0 4 1 1 1 64
1 0 
0 
pwx2lvl 1 1 63 -16 1 2 1 0 1 64
1 55 
0 
pwwet3 6 1 1000000 0 0.025 2 1 0 1 64
1 0 
0 
pwwet1 6 1 1000000 0 0.025 2 1 0 1 64
1 0 
0 
pwwet 6 1 1000000 0 0.025 2 1 0 1 64
1 0 
0 
pwwet2 6 1 1000000 0 0.025 2 1 0 1 64
1 0 
0 
pwx 6 1 13 13 13 2 1 8192 1 64
1 15 
0 
pwwet4 6 1 1000000 0 0.025 2 1 0 1 64
1 0 
0 
pwx2 6 1 13 13 13 2 1 8192 1 64
1 15 
0 
r1 1 1 1e+18 -1e+18 0 4 1 1 1 64
1 37.4347839355 
0 
pwxlvl 1 1 63 -16 1 2 1 0 1 64
1 61 
0 
pwx2lvl_cf 1 1 9.99999984307e+17 -9.99999984307e+17 0 2 1 0 1 64
1 1 
0 
pwxlvl_cf 1 1 9.99999984307e+17 -9.99999984307e+17 0 2 1 0 1 64
1 0.967 
0 
r3 1 1 1e+18 -1e+18 0 4 1 1 1 64
1 0 
0 
r2 1 1 1e+18 -1e+18 0 4 1 1 1 64
1 0 
0 
r4 1 1 1e+18 -1e+18 0 4 1 1 1 64
1 0 
0 
reffrq1 1 1 9.99999984307e+17 -9.99999984307e+17 0 4 1 0 1 64
1 125.6955729 
0 
ref1 5 1 1000000000 -1000000000 0 3 1 0 1 64
1 0 
0 
r7 1 1 1e+18 -1e+18 0 4 1 1 1 64
1 0 
0 
r6 1 1 1e+18 -1e+18 0 4 1 1 1 64
1 0 
0 
ref 5 1 1000000000 -1000000000 0 3 4 0 1 64
1 549.777139926 
0 
ref_pwr 1 1 9.99999984307e+17 -9.99999984307e+17 0 2 1 0 1 64
1 60 
0 
ref_pw90 6 1 13 13 13 2 1 8192 1 64
1 5.475 
0 
reffrq 1 1 9.99999984307e+17 -9.99999984307e+17 0 4 1 0 1 64
1 499.797397307 
0 
researchgroup 2 2 8 0 0 2 1 0 1 64
1 ""
0 
refstd_ 2 2 8 0 0 2 1 65808 1 64
1 ""
0 
refpos 1 1 9.99999984307e+17 -9.99999984307e+17 0 4 1 0 1 64
1 -2.62529454175 
0 
rfband 4 2 4 0 0 2 1 0 1 64
1 "ccc"
3 "c" "h" "l" 
retentiontime_ 2 2 8 0 0 2 1 0 1 64
1 ""
0 
rfl 1 1 1000000000 -1000000000 0 4 1 1 1 64
1 1005.01766184 
0 
segt5 3 1 14 14 14 2 1 8192 1 64
1 0.0005 
0 
satmode 4 2 4 0 0 2 1 0 1 64
1 "n"
0 
sample 2 2 8 0 0 2 1 1 1 64
1 "vnmr1_20140717_01"
0 
rof2 6 1 13 13 13 2 1 8194 1 64
1 25.0625 
0 
rfp1 1 1 1000000000 -1000000000 0 4 1 1 1 64
1 0 
0 
rfp 1 1 1000000000 -1000000000 0 4 1 1 1 64
1 0 
0 
rof1 6 1 13 13 13 2 1 8194 1 64
1 10 
0 
rp1 1 1 3600 -3600 0.1 4 1 3 1 64
1 0 
0 
rp 1 1 3600 -3600 0.1 4 1 3 1 64
1 25.8055921685 
0 
sa 7 1 10000000 0 0 3 1 1 0 64
1 1024 
0 
sampwt 1 1 9.99999984307e+17 -9.99999984307e+17 0 2 1 0 1 64
1 0 
0 
sampleowner 2 2 8 0 0 2 1 0 1 64
1 ""
0 
samplename 2 2 8 0 0 2 1 9 1 64
1 "vnmr1"
0 
satdly 3 1 14 14 14 2 1 8192 1 64
1 1 
0 
sas 7 1 10000000 0 0 3 1 1 0 64
1 0 
0 
satfrq 5 1 1000000000 -1000000000 0 2 1 0 1 64
1 480.588092473 
0 
sbs 1 1 1000 -1000 0.001 3 1 1 0 64
1 0 
0 
sb 1 1 1000 -1000 0.001 3 1 0 0 64
1 -1.5 
0 
saveglobal_ 2 2 8 0 0 3 1 0 1 64
20 "probe"
"lcpeak"
"loc"
"lockpower"
"lockgain"
"lockphase"
"lockfreq"
"z0"
"lkof"
"vloc"
"vrack"
"vzone"
"vproto"
"pkpick"
"parstyle"
"operator"
"studyid"
"systemname"
"probetype"
"refstd"
0 
satpwr 1 1 30 -16 1 2 1 0 1 64
1 0 
0 
saveshapes 2 2 8 0 0 2 1 256 1 64
1 ""
0 
sbbiflg 4 2 4 0 0 2 1 0 1 64
1 "n"
0 
sb1 1 1 1000 -1000 0.001 3 1 1 0 64
1 0 
0 
scans 2 2 8 0 0 3 1 0 1 64
1 ""
0 
sc 1 1 1 1 1 4 1 8195 1 64
1 8 
0 
sbs1 1 1 1000 -1000 0.001 3 1 1 0 64
1 0 
0 
sc2 1 1 3 3 3 4 1 8195 1 64
1 0 
0 
sdirtmplt 2 2 8 0 0 2 1 0 1 64
1 "$samplename$_%DATE%_"
0 
scoutinfo 2 2 8 0 0 2 1 256 1 64
1 ""
0 
segstab 3 1 14 14 14 2 1 8192 1 64
1 0.0005 
0 
shownumbers 2 2 8 0 0 4 1 0 1 64
1 "n"
0 
sfrq 1 1 1000000000 0 0 2 1 11 1 64
1 499.8003987 
0 
sf 1 1 8190 0 1e-07 4 1 3 1 64
1 0 
0 
seqfil 2 2 8 0 0 2 1 11 1 64
1 "s2pul"
0 
sf1 1 1 9.99999984307e+17 -9.99999984307e+17 0 4 1 0 1 64
1 0 
0 
showarray 2 2 8 0 0 4 1 0 1 64
1 "horiz"
0 
shims 2 2 8 0 0 2 1 0 1 64
1 "tmp1"
0 
showcontent 2 2 8 0 0 4 1 0 1 64
1 "s"
0 
shownumy 1 1 9.99999984307e+17 -9.99999984307e+17 0 4 1 0 1 64
1 0 
0 
shownumx 1 1 9.99999984307e+17 -9.99999984307e+17 0 4 1 0 1 64
1 0 
0 
shownumstyle 2 2 8 0 0 4 1 0 1 64
1 "auto"
0 
slpname 2 2 8 0 0 2 1 256 1 64
1 ""
0 
wds 2 2 8 0 0 3 1 0 1 64
1 ""
0 
tnref 2 2 8 0 0 4 1 1 1 64
1 "Me4Si, 1% in CDCl3"
0 
studystatus 2 2 8 0 0 2 1 0 1 64
1 "Complete"
0 
strtpar 2 2 8 0 0 2 1 0 1 64
1 ""
0 
ss 7 1 32767 -32768 0 2 1 0 1 64
1 0 
0 
sp1 1 1 1000000000 -1000000000 0 4 1 3 1 64
1 649.999938965 
0 
solvent 2 2 6 0 0 2 1 11 1 64
1 "d2o"
0 
sn 1 1 1e+18 -1e+18 0 3 1 1 1 64
1 0 
0 
sp 1 1 1000000000 -1000000000 0 4 1 3 1 64
1 823.683406353 
0 
srate 7 1 32767 0 1 2 1 1 1 64
1 25 
0 
spin 1 1 39 0 1 2 1 0 0 64
1 20 
0 
sreffrq 1 1 9.99999984307e+17 -9.99999984307e+17 0 2 1 0 1 64
1 499.797399933 
0 
strtlp 7 1 1000000 1 1 3 1 0 1 64
1 2 
0 
strtext 7 1 1000000 1 1 3 1 0 1 64
1 1 
0 
sspul 4 2 4 0 0 2 1 0 1 64
1 "n"
0 
strtext1 7 1 1000000 1 1 3 1 0 1 64
1 1 
0 
strtlp1 7 1 1000000 1 1 3 1 0 1 64
1 2 
0 
studyowner 2 2 8 0 0 2 1 0 1 64
1 "vnmr1"
0 
study 2 2 8 0 0 3 1 0 1 64
1 ""
0 
studyid_ 2 2 8 0 0 2 1 0 1 64
1 "tmpstudy"
0 
studypath 2 2 8 0 0 2 1 0 1 64
1 ""
0 
time_processed 2 2 8 0 0 3 1 0 1 64
1 "20141205T202318"
0 
th 1 1 1000000000 0 0 4 1 1 1 64
1 31.3910284643 
0 
systemname_ 2 2 8 0 0 2 1 0 1 64
1 "mf-vnmrs500"
0 
svftmplt 2 2 8 0 0 2 1 0 1 64
1 "$pslabel$_%DATE%_%TIME%_"
0 
svfopt 4 2 4 0 0 2 1 0 1 64
1 "y"
0 
sw 1 1 5 5 5 2 1 8203 1 64
1 8012.82051282 
0 
temp 1 1 200 -150 0.1 2 1 8 0 64
1 25 
0 
text_string 2 2 8 0 0 4 1 256 1 64
1 ""
0 
time_exp 2 2 8 0 0 2 1 0 1 64
1 ""
0 
time_complete 2 2 8 0 0 4 1 0 1 64
1 "20141205T202306"
0 
time_plotted 2 2 8 0 0 3 1 0 1 64
1 ""
0 
time_svfdate 2 2 8 0 0 2 1 0 1 64
1 "20141205T202201"
0 
time_saved 2 2 8 0 0 4 1 0 1 64
1 "20141205T202802"
0 
time_run 2 2 8 0 0 2 1 0 1 64
1 "20141205T202201"
0 
time_submitted 2 2 8 0 0 2 1 0 1 64
1 "20141205T202201"
0 
time_submitted_local 2 2 8 0 0 2 1 0 1 64
1 "20141205T202201X08PMFriDec"
0 
tnbippw 6 1 1000000 0 0.025 2 1 0 1 64
1 60 
0 
tlt 1 1 1000000000 -1000000000 0 4 1 1 1 64
1 0 
0 
tin 2 2 1 0 0 2 1 2 1 64
1 "n"
3 "n" "w" "y" 
tn 2 2 4 0 0 2 1 8 1 64
1 "H1"
0 
tnbipshp 2 2 8 0 0 2 1 0 1 64
1 "bip60us"
0 
tnbippwr 1 1 17 17 17 2 1 8192 1 64
1 64 
0 
volume 1 1 9.99999984307e+17 -9.99999984307e+17 0 2 1 0 1 64
1 0 
0 
username 2 2 8 0 0 2 1 0 1 64
1 ""
0 
tpwr 1 1 17 17 17 2 1 8194 1 64
1 60 
0 
tof 5 1 7 7 7 2 1 8202 1 64
1 499.8 
0 
tnshapes 2 2 8 0 0 2 1 256 1 64
3 ""
""
""
0 
tofh2o 5 1 1000000000 -1000000000 0 2 1 0 1 64
1 0 
0 
trace 2 2 2 0 0 4 1 3 1 64
1 "f1"
2 "f1" "f2" 
tpwr_cf 1 1 9.99999984307e+17 -9.99999984307e+17 0 2 1 0 1 64
1 0.9678 
0 
tunemethod 2 2 8 0 0 2 1 0 1 64
1 "n"
0 
vjdialogarg 2 2 8 0 0 4 1 256 1 64
1 ""
0 
vf 1 1 1000000000 0 0 4 1 3 1 64
1 44623.9 
0 
userplotter 2 2 8 0 0 4 1 0 1 64
1 ""
0 
vjdialog 2 2 8 0 0 4 1 256 1 64
1 ""
0 
vo 1 1 500 -500 0 4 1 1 1 64
1 0 
0 
vloc_ 2 2 8 0 0 2 1 8 1 64
1 "A0"
0 
vsproj 1 1 1000000000 1e-06 0 4 1 3 1 64
1 4.45071601868 
0 
vproto_ 2 2 8 0 0 2 1 0 1 64
1 ""
0 
vpf 1 1 500 -500 0 4 1 0 1 64
1 0 
0 
vp 7 1 500 -500 0.1 4 1 3 1 64
1 0 
0 
vpfi 1 1 500 -500 0 4 1 0 1 64
1 0 
0 
vs 1 1 1000000000 1e-06 0 4 1 3 1 64
1 22347.358221 
0 
vrack_ 7 1 5 1 0 2 1 0 1 64
1 1 
0 
vs2d 1 1 1000000000 1e-06 0 4 1 3 1 64
1 4.45071601868 
0 
wbs 2 2 6 0 0 3 1 3 1 64
1 ""
0 
vtwait 3 1 14 14 14 2 1 8194 1 64
1 300 
0 
vtc 1 1 255 0 1 2 1 2 1 64
1 25 
0 
vzone_ 7 1 15 1 0 2 1 0 1 64
1 1 
0 
wc2 1 1 4 4 4 4 1 8195 1 64
1 172 
0 
wc 1 1 2 2 2 4 1 8203 1 64
1 271 
0 
wdone 2 2 8 0 0 3 1 0 1 64
1 ""
0 
z0_ 1 1 19 19 19 2 1 73744 1 64
1 -20925 
0 
wstart 2 2 8 0 0 3 1 0 1 64
1 ""
0 
wetshape1 2 2 8 0 0 2 1 0 1 64
1 "wetshp"
0 
wetpeaks 7 1 10 0 1 2 1 0 0 64
1 0 
0 
wetfly 4 2 4 0 0 2 1 0 1 64
1 "n"
0 
wet 4 2 4 0 0 2 1 0 1 64
1 "n"
0 
werr 2 2 6 0 0 3 1 3 1 64
1 "cpreact"
0 
wet_cf 1 1 9.99999984307e+17 -9.99999984307e+17 0 2 1 0 1 64
1 1 
0 
wetfrqs 2 2 8 0 0 2 1 256 1 64
1 "seduce"
0 
wetfrq 5 1 1000000000 -1000000000 0 2 1 256 0 64
1 0 
0 
wetfrqw 1 1 9.99999984307e+17 -9.99999984307e+17 0 2 1 256 1 64
1 80 
0 
wetpwr3 1 1 9.99999984307e+17 -9.99999984307e+17 0 2 1 0 1 64
1 0 
0 
wetpwr1 1 1 9.99999984307e+17 -9.99999984307e+17 0 2 1 0 1 64
1 0 
0 
wetpwr 1 1 9.99999984307e+17 -9.99999984307e+17 0 2 1 0 1 64
1 0 
0 
wetpwr2 1 1 9.99999984307e+17 -9.99999984307e+17 0 2 1 0 1 64
1 0 
0 
wetset 2 2 8 0 0 4 1 0 1 64
1 "set1"
0 
wetpwr4 1 1 9.99999984307e+17 -9.99999984307e+17 0 2 1 0 1 64
1 0 
0 
wetshape 2 2 8 0 0 2 1 0 1 64
1 "wetshp"
0 
whenemail 2 2 8 0 0 2 1 0 1 64
1 "never"
0 
wexp 2 2 6 0 0 3 1 3 1 64
1 "process"
0 
wetshape3 2 2 8 0 0 2 1 0 1 64
1 "wetshp"
0 
wetshape2 2 2 8 0 0 2 1 0 1 64
1 "wetshp"
0 
wetshape4 2 2 8 0 0 2 1 0 1 64
1 "wetshp"
0 
wf1 1 1 9.99999984307e+17 -9.99999984307e+17 0 4 1 0 1 64
1 1.89199995995 
0 
wf 1 1 8190 0 1e-07 4 1 3 1 64
1 2.9999424 
0 
whatemail 2 2 8 0 0 2 1 0 1 64
1 "message"
0 
wp1 1 1 100000 0 0 4 1 3 1 64
1 62.5000114441 
0 
wp 1 1 5000000 0 0 4 1 11 1 64
1 1651.69055645 
0 
wnt 2 2 6 0 0 3 1 3 1 64
1 ""
0 
wrtp 2 2 8 0 0 3 1 0 1 64
1 ""
0 
wqinit 2 2 8 0 0 4 1 0 1 64
1 ""
0 
wshim 4 2 4 0 0 2 1 1 1 64
1 "n"
15 "e" "f" "g" "n" "s" "0" "1" "2" "3" "4" "5" "6" "7" "8" "9" 
xy 7 1 19 19 19 2 1 8192 1 64
1 9463 
0 
x1 7 1 19 19 19 2 1 8192 1 64
1 -3282 
0 
wtfile1 2 2 15 0 0 3 2 1 1 64
1 ""
0 
wtfile 2 2 15 0 0 3 1 1 1 64
1 ""
0 
wtune 4 2 4 0 0 2 1 0 1 64
1 "n"
11 "s" "t" "e" "i" "n" "o" "v" "1" "2" "3" "4" 
x3 7 1 19 19 19 2 1 8192 1 64
1 7810 
0 
x2y2 7 1 19 19 19 2 1 8192 1 64
1 31929 
0 
x4 7 1 19 19 19 2 1 8192 1 64
1 0 
0 
y3 7 1 19 19 19 2 1 8192 1 64
1 -6655 
0 
xz2 7 1 19 19 19 2 1 8192 1 64
1 4039 
0 
xz 7 1 19 19 19 2 1 8192 1 64
1 4344 
0 
y1 7 1 19 19 19 2 1 8192 1 64
1 4128 
0 
yz 7 1 19 19 19 2 1 8192 1 64
1 -4936 
0 
y4 7 1 19 19 19 2 1 8192 1 64
1 0 
0 
yz2 7 1 19 19 19 2 1 8192 1 64
1 -15174 
0 
z3y3 7 1 19 19 19 2 1 8192 1 64
1 0 
0 
z2y3 7 1 19 19 19 2 1 8192 1 64
1 0 
0 
z2c 7 1 19 19 19 2 1 8192 1 64
1 196 
0 
z1c 7 1 19 19 19 2 1 8192 1 64
1 -1044 
0 
z1 7 1 19 19 19 2 1 8192 1 64
1 -8241 
0 
z2 7 1 19 19 19 2 1 8192 1 64
1 3079 
0 
z2x3 7 1 19 19 19 2 1 8192 1 64
1 0 
0 
z2x2y2 7 1 19 19 19 2 1 8192 1 64
1 -7801 
0 
z2xy 7 1 19 19 19 2 1 8192 1 64
1 -13365 
0 
z3x2y2 7 1 19 19 19 2 1 8192 1 64
1 0 
0 
z3c 7 1 19 19 19 2 1 8192 1 64
1 0 
0 
z3 7 1 19 19 19 2 1 8192 1 64
1 -19108 
0 
z3x 7 1 19 19 19 2 1 8192 1 64
1 1638 
0 
z3xy 7 1 19 19 19 2 1 8192 1 64
1 0 
0 
z3x3 7 1 19 19 19 2 1 8192 1 64
1 0 
0 
z3y 7 1 19 19 19 2 1 8192 1 64
1 10515 
0 
z5x 7 1 19 19 19 2 1 8192 1 64
1 0 
0 
z4x2y2 7 1 19 19 19 2 1 8192 1 64
1 0 
0 
z4c 7 1 19 19 19 2 1 8192 1 64
1 0 
0 
z4 7 1 19 19 19 2 1 8192 1 64
1 -19788 
0 
z4x 7 1 19 19 19 2 1 8192 1 64
1 0 
0 
z4y 7 1 19 19 19 2 1 8192 1 64
1 0 
0 
z4xy 7 1 19 19 19 2 1 8192 1 64
1 0 
0 
z5 7 1 19 19 19 2 1 8192 1 64
1 -14891 
0 
z8 7 1 19 19 19 2 1 8192 1 64
1 0 
0 
z6 7 1 19 19 19 2 1 8192 1 64
1 -1981 
0 
z5y 7 1 19 19 19 2 1 8192 1 64
1 0 
0 
z7 7 1 19 19 19 2 1 8192 1 64
1 3825 
0 
zx2y2 7 1 19 19 19 2 1 8192 1 64
1 8686 
0 
zoom 7 1 32767 0 0 4 1 0 1 64
1 0 
0 
zxy 7 1 19 19 19 2 1 8192 1 64
1 -19062 
0 
zx3 7 1 19 19 19 2 1 8192 1 64
1 0 
0 
zy3 7 1 19 19 19 2 1 8192 1 64
1 0 
0 
